PATH
  remote: .
  specs:
    deep_test (3.0.0)

GEM
  remote: https://rubygems.org/
  specs:
    addressable (2.3.6)
    dust (0.1.6)
    excon (0.32.1)
    little-plugger (1.1.3)
    logging (1.8.2)
      little-plugger (>= 1.1.3)
      multi_json (>= 1.8.4)
    metaclass (0.0.4)
    mocha (0.13.3)
      metaclass (~> 0.0.1)
    multi_json (1.9.2)
    rack (1.5.2)
    rack-protection (1.5.2)
      rack
    sinatra (1.4.4)
      rack (~> 1.4)
      rack-protection (~> 1.4)
      tilt (~> 1.3, >= 1.3.4)
    stickler (2.4.0)
      addressable (~> 2.3)
      excon (~> 0.29)
      logging (~> 1.8.1)
      sinatra (~> 1.4)
      trollop (~> 2.0)
    tilt (1.4.1)
    trollop (2.0)

PLATFORMS
  ruby

DEPENDENCIES
  bundler (>= 1.0.0)
  deep_test!
  dust (= 0.1.6)
  mocha (= 0.13.3)
  stickler
