GEM
  remote: https://rubygems.org/
  specs:
    coderay (1.0.9)
    dust (0.1.6)
    metaclass (0.0.4)
    method_source (0.8.1)
    mocha (0.13.3)
      metaclass (~> 0.0.1)
    pry (0.9.12)
      coderay (~> 1.0.5)
      method_source (~> 0.8)
      slop (~> 3.4)
    rake (10.1.1)
    rspec (1.1.12)
    slop (3.4.3)
    test-unit (2.5.5)

PLATFORMS
  ruby

DEPENDENCIES
  dust
  mocha (= 0.13.3)
  pry
  rake (= 10.1.1)
  rspec (= 1.1.12)
  test-unit (= 2.5.5)
