GEM
  remote: https://rubygems.org/
  specs:
    coderay (1.0.9)
    dust (0.1.6)
    hoe (3.9.0)
      rake (>= 0.8, < 11.0)
    method_source (0.8.1)
    mocha (0.9.0)
      rake
    pry (0.9.12)
      coderay (~> 1.0.5)
      method_source (~> 0.8)
      slop (~> 3.4)
    rake (10.1.1)
    rspec (1.1.12)
    slop (3.4.3)
    test-unit (1.2.3)
      hoe (>= 1.5.1)

PLATFORMS
  ruby

DEPENDENCIES
  dust
  mocha (= 0.9.0)
  pry
  rake (= 10.1.1)
  rspec (= 1.1.12)
  test-unit (= 1.2.3)
