PATH
  remote: .
  specs:
    deep_test (3.0.1)
      rake (>= 10.1.1)

GEM
  remote: https://rubygems.org/
  specs:
    dust (0.1.6)
    metaclass (0.0.4)
    mocha (0.13.3)
      metaclass (~> 0.0.1)
    rake (10.4.2)

PLATFORMS
  ruby

DEPENDENCIES
  bundler (>= 1.0.0)
  deep_test!
  dust (= 0.1.6)
  mocha (= 0.13.3)
