GEM
  remote: https://rubygems.org/
  specs:
    builder (3.2.2)
    coderay (1.0.9)
    cucumber (1.3.10)
      builder (>= 2.1.2)
      diff-lcs (>= 1.1.3)
      gherkin (~> 2.12)
      multi_json (>= 1.7.5, < 2.0)
      multi_test (>= 0.0.2)
    diff-lcs (1.2.5)
    dust (0.1.6)
    gherkin (2.12.2)
      multi_json (~> 1.3)
    hoe (3.9.0)
      rake (>= 0.8, < 11.0)
    method_source (0.8.1)
    mocha (0.9.0)
      rake
    multi_json (1.8.4)
    multi_test (0.0.3)
    pry (0.9.12)
      coderay (~> 1.0.5)
      method_source (~> 0.8)
      slop (~> 3.4)
    rake (10.1.1)
    rspec (1.1.12)
      cucumber (>= 0.1.13)
      hoe (>= 1.8.2)
    slop (3.4.3)
    test-unit (1.2.3)
      hoe (>= 1.5.1)

PLATFORMS
  ruby

DEPENDENCIES
  dust
  mocha (= 0.9.0)
  pry
  rake (= 10.1.1)
  rspec (= 1.1.12)
  test-unit (= 1.2.3)
